PATH
  remote: .
  specs:
    regexp-match-polyfill (1.0.1)

GEM
  remote: https://rubygems.org/
  specs:
    power_assert (1.0.1)
    rake (12.0.0)
    test-unit (3.2.3)
      power_assert

PLATFORMS
  ruby

DEPENDENCIES
  bundler (~> 1.7)
  rake (~> 12.0)
  regexp-match-polyfill!
  test-unit (~> 3.2)

BUNDLED WITH
   1.14.3
